GEM
  remote: https://rubygems.org/
  specs:
    puma (2.8.2-java)
      rack (>= 1.1, < 2.0)
    rack (1.6.4)

PLATFORMS
  java

DEPENDENCIES
  puma
  rack
