GEM
  remote: https://rubygems.org/
  specs:
    axiom-types (0.1.1)
      descendants_tracker (~> 0.0.4)
      ice_nine (~> 0.11.0)
      thread_safe (~> 0.3, >= 0.3.1)
    celluloid (0.16.0)
      timers (~> 4.0.0)
    coderay (1.1.0)
    coercible (1.0.0)
      descendants_tracker (~> 0.0.1)
    descendants_tracker (0.0.4)
      thread_safe (~> 0.3, >= 0.3.1)
    equalizer (0.0.11)
    ffi (1.9.9-java)
    formatador (0.2.5)
    guard (2.6.1)
      formatador (>= 0.2.4)
      listen (~> 2.7)
      lumberjack (~> 1.0)
      pry (>= 0.9.12)
      thor (>= 0.18.1)
    guard-jruby-minitest (0.1.11)
      guard (= 2.6.1)
      guard-minitest (= 2.3.1)
      minitest
      ruby_parser (>= 3.0)
    guard-minitest (2.3.1)
      guard (~> 2.0)
      minitest (>= 3.0)
    hitimes (1.2.2-java)
    ice_nine (0.11.1)
    jar-dependencies (0.1.15)
    jbundler (0.8.0)
      bundler (~> 1.5)
      jar-dependencies (~> 0.1.15)
      maven-tools (~> 1.0.11)
      ruby-maven (~> 3.3, >= 3.3.3)
    listen (2.10.1)
      celluloid (~> 0.16.0)
      rb-fsevent (>= 0.9.3)
      rb-inotify (>= 0.9)
    lumberjack (1.0.9)
    maven-tools (1.0.11)
      virtus (~> 1.0)
    method_source (0.8.2)
    minitest (5.7.0)
    pry (0.10.1-java)
      coderay (~> 1.1.0)
      method_source (~> 0.8.1)
      slop (~> 3.4)
      spoon (~> 0.0)
    rack (1.6.4)
    rb-fsevent (0.9.5)
    rb-inotify (0.9.5)
      ffi (>= 0.5.0)
    ruby-maven (3.3.3)
      ruby-maven-libs (~> 3.3.1)
    ruby-maven-libs (3.3.3)
    ruby_parser (3.7.0)
      sexp_processor (~> 4.1)
    sexp_processor (4.6.0)
    slop (3.6.0)
    spoon (0.0.4)
      ffi
    terminal-notifier-guard (1.6.4)
    thor (0.19.1)
    thread_safe (0.3.5-java)
    timers (4.0.1)
      hitimes
    virtus (1.0.5)
      axiom-types (~> 0.1)
      coercible (~> 1.0)
      descendants_tracker (~> 0.0, >= 0.0.3)
      equalizer (~> 0.0, >= 0.0.9)

PLATFORMS
  java

DEPENDENCIES
  guard-jruby-minitest (= 0.1.11)
  jbundler
  pry
  rack
  terminal-notifier-guard (~> 1.6.1)
